GEM
  remote: https://rubygems.org/
  specs:
    mini_portile (0.6.1)
    nokogiri (1.6.5)
      mini_portile (~> 0.6.0)
    spidr (0.4.1)
      nokogiri (~> 1.3)

PLATFORMS
  ruby

DEPENDENCIES
  spidr
